GEM
  remote: https://rubygems.org/
  specs:
    jumanpp_ruby (0.1.2)
    mustermann (1.0.2)
    rack (2.0.5)
    rack-protection (2.0.1)
      rack
    sinatra (2.0.1)
      mustermann (~> 1.0)
      rack (~> 2.0)
      rack-protection (= 2.0.1)
      tilt (~> 2.0)
    tilt (2.0.8)

PLATFORMS
  ruby

DEPENDENCIES
  jumanpp_ruby
  sinatra

BUNDLED WITH
   1.16.1
